GEM
  remote: https://rubygems.org/
  specs:
    benchmark-ips (2.8.3)
    codeclimate-test-reporter (1.0.7)
      simplecov
    diff-lcs (1.4.4)
    docile (1.3.2)
    rspec (3.9.0)
      rspec-core (~> 3.9.0)
      rspec-expectations (~> 3.9.0)
      rspec-mocks (~> 3.9.0)
    rspec-core (3.9.2)
      rspec-support (~> 3.9.3)
    rspec-expectations (3.9.2)
      diff-lcs (>= 1.2.0, < 2.0)
      rspec-support (~> 3.9.0)
    rspec-mocks (3.9.1)
      diff-lcs (>= 1.2.0, < 2.0)
      rspec-support (~> 3.9.0)
    rspec-support (3.9.3)
    ruby-prof (1.4.1)
    simplecov (0.19.0)
      docile (~> 1.1)
      simplecov-html (~> 0.11)
    simplecov-html (0.12.2)

PLATFORMS
  ruby

DEPENDENCIES
  benchmark-ips
  codeclimate-test-reporter
  rspec
  ruby-prof
  simplecov

BUNDLED WITH
   2.1.4
